PATH
  remote: .
  specs:
    web-checker (0.4)
      addressable (~> 2.7)
      http (~> 5.0)
      nokogiri (~> 1.11)
      nokogumbo (~> 2.0)
      path (~> 2.0)

GEM
  remote: https://rubygems.org/
  specs:
    addressable (2.7.0)
      public_suffix (>= 2.0.2, < 5.0)
    domain_name (0.5.20190701)
      unf (>= 0.0.5, < 1.0.0)
    ffi (1.15.0)
    ffi-compiler (1.0.1)
      ffi (>= 1.0.0)
      rake
    http (5.0.0)
      addressable (~> 2.3)
      http-cookie (~> 1.0)
      http-form_data (~> 2.2)
      llhttp-ffi (~> 0.0.1)
    http-cookie (1.0.3)
      domain_name (~> 0.5)
    http-form_data (2.3.0)
    llhttp-ffi (0.0.1)
      ffi-compiler (~> 1.0)
      rake (~> 13.0)
    nokogiri (1.11.5-arm64-darwin)
      racc (~> 1.4)
    nokogumbo (2.0.5)
      nokogiri (~> 1.8, >= 1.8.4)
    path (2.0.1)
    public_suffix (4.0.6)
    racc (1.5.2)
    rake (13.0.3)
    unf (0.1.4)
      unf_ext
    unf_ext (0.0.7.7)

PLATFORMS
  arm64-darwin-20

DEPENDENCIES
  rake (~> 13)
  web-checker!

BUNDLED WITH
   2.2.17
