PATH
  remote: .
  specs:
    web-checker (0.5)
      addressable (~> 2.8)
      http (~> 5.0)
      nokogiri (~> 1.12)
      path (~> 2.0)

GEM
  remote: https://rubygems.org/
  specs:
    addressable (2.8.0)
      public_suffix (>= 2.0.2, < 5.0)
    domain_name (0.5.20190701)
      unf (>= 0.0.5, < 1.0.0)
    ffi (1.15.4)
    ffi-compiler (1.0.1)
      ffi (>= 1.0.0)
      rake
    http (5.0.2)
      addressable (~> 2.8)
      http-cookie (~> 1.0)
      http-form_data (~> 2.2)
      llhttp-ffi (~> 0.4.0)
    http-cookie (1.0.4)
      domain_name (~> 0.5)
    http-form_data (2.3.0)
    llhttp-ffi (0.4.0)
      ffi-compiler (~> 1.0)
      rake (~> 13.0)
    nokogiri (1.13.3-arm64-darwin)
      racc (~> 1.4)
    nokogiri (1.13.3-x86_64-linux)
      racc (~> 1.4)
    path (2.0.1)
    public_suffix (4.0.6)
    racc (1.6.0)
    rake (13.0.6)
    unf (0.1.4)
      unf_ext
    unf_ext (0.0.8)

PLATFORMS
  arm64-darwin-20
  x86_64-linux

DEPENDENCIES
  rake (~> 13.0)
  web-checker!

BUNDLED WITH
   2.2.27
